GEM
  remote: https://rubygems.org/
  specs:
    activesupport (4.2.4)
      i18n (~> 0.7)
      json (~> 1.7, >= 1.7.7)
      minitest (~> 5.1)
      thread_safe (~> 0.3, >= 0.3.4)
      tzinfo (~> 1.1)
    ast (2.3.0)
    google-protobuf (3.0.0.alpha.5.0.3)
    google-protobuf (3.0.0.alpha.5.0.3-x64-mingw32)
    i18n (0.7.0)
    json (1.8.3)
    minitest (5.9.1)
    parallel (1.11.2)
    parser (2.4.0.0)
      ast (~> 2.2)
    powerpack (0.1.1)
    rainbow (1.99.2)
    rake (11.3.0)
    rubocop (0.49.1)
      parallel (~> 1.10)
      parser (>= 2.3.3.1, < 3.0)
      powerpack (~> 0.1)
      rainbow (>= 1.99.1, < 3.0)
      ruby-progressbar (~> 1.7)
      unicode-display_width (~> 1.0, >= 1.0.1)
    ruby-ole (1.2.12)
    ruby-progressbar (1.8.1)
    rubyzip (1.1.7)
    spreadsheet (1.1.1)
      ruby-ole (>= 1.0)
    thread_safe (0.3.5)
    tzinfo (1.2.2)
      thread_safe (~> 0.1)
    unicode-display_width (1.2.1)

PLATFORMS
  ruby
  x64-mingw32

DEPENDENCIES
  activesupport (<= 4.2.4)
  google-protobuf
  rainbow (~> 1.9)
  rake
  rubocop
  rubyzip
  spreadsheet

BUNDLED WITH
   1.16.1
