GEM
  remote: https://rubygems.org/
  specs:
    activesupport (7.0.2.4)
      concurrent-ruby (~> 1.0, >= 1.0.2)
      i18n (>= 1.6, < 2)
      minitest (>= 5.1)
      tzinfo (~> 2.0)
    ast (2.3.0)
    concurrent-ruby (1.1.10)
    google-protobuf (3.0.0.alpha.5.0.3)
    google-protobuf (3.0.0.alpha.5.0.3-x64-mingw32)
    i18n (1.10.0)
      concurrent-ruby (~> 1.0)
    minitest (5.15.0)
    parallel (1.11.2)
    parser (2.4.0.0)
      ast (~> 2.2)
    powerpack (0.1.1)
    rainbow (1.99.2)
    rake (11.3.0)
    rubocop (0.49.1)
      parallel (~> 1.10)
      parser (>= 2.3.3.1, < 3.0)
      powerpack (~> 0.1)
      rainbow (>= 1.99.1, < 3.0)
      ruby-progressbar (~> 1.7)
      unicode-display_width (~> 1.0, >= 1.0.1)
    ruby-ole (1.2.12)
    ruby-progressbar (1.8.1)
    rubyzip (1.1.7)
    spreadsheet (1.1.1)
      ruby-ole (>= 1.0)
    tzinfo (2.0.4)
      concurrent-ruby (~> 1.0)
    unicode-display_width (1.2.1)

PLATFORMS
  ruby
  x64-mingw32

DEPENDENCIES
  activesupport
  google-protobuf
  rainbow (~> 1.9)
  rake
  rubocop
  rubyzip
  spreadsheet

BUNDLED WITH
   1.16.1
